PATH
  remote: .
  specs:
    giantbomb-api (1.6.0)

GEM
  remote: https://rubygems.org/
  specs:

PLATFORMS
  ruby

DEPENDENCIES
  giantbomb-api!

BUNDLED WITH
   1.11.2
